GIT
  remote: https://github.com/gswallow/sparkle-pack-aws-ebs-volumes.git
  revision: 0da6dda692cb7075b5c9eec59aff198439fd338d
  specs:
    sparkle-pack-aws-ebs-volumes (0.0.1)
      aws-sdk-core (~> 2)

GIT
  remote: https://github.com/gswallow/sparkle-pack-aws-instance-types.git
  revision: 55e71f7a664e0eb84773e3ab01af7f44b56c9d18
  specs:
    sparkle-pack-aws-instance-types (0.0.1)

GIT
  remote: https://github.com/gswallow/sparkle-pack-aws-my-s3-buckets.git
  revision: c3f5761592f2373e0950a514964780740e02d708
  specs:
    sparkle-pack-aws-my-s3-buckets (0.0.1)
      aws-sdk-core (~> 2)

GIT
  remote: https://github.com/gswallow/sparkle-pack-aws-my-security-groups.git
  revision: e48861773036d9de87f2d217964d2c984a7e9ad1
  specs:
    sparkle-pack-aws-my-security-groups (0.0.1)
      aws-sdk-core (~> 2)

GIT
  remote: https://github.com/gswallow/sparkle-pack-aws-my-sns-topics.git
  revision: 228496812903043e055ccf76aab5fd5e9b64fbc1
  specs:
    sparkle-pack-aws-my-sns-topics (0.0.1)
      aws-sdk-core (~> 2)

GIT
  remote: https://github.com/gswallow/sparkle-pack-aws-my-subnets.git
  revision: a489699ed6473168a7ef9579c5f481595dec35b7
  specs:
    sparkle-pack-aws-my-subnets (0.0.1)
      aws-sdk-core (~> 2)

GIT
  remote: https://github.com/gswallow/sparkle-pack-cfn-init-chef.git
  revision: 447062a81a6074c81addb7643c5b611ee2435af8
  specs:
    sparkle-pack-cfn-init-chef (0.0.4)
      sparkle_formation

GEM
  remote: https://rubygems.org/
  specs:
    addressable (2.5.0)
      public_suffix (~> 2.0, >= 2.0.2)
    attribute_struct (0.3.4)
      bogo (>= 0.1.31, < 0.3.0)
    aws-sdk-core (2.6.30)
      aws-sigv4 (~> 1.0)
      jmespath (~> 1.0)
    aws-sigv4 (1.0.0)
    bogo (0.2.4)
      hashie
      multi_json
    bogo-cli (0.2.10)
      bogo (>= 0.1.6, < 0.6)
      bogo-config (>= 0.1.15, < 0.5)
      bogo-ui
      slop (~> 3)
    bogo-config (0.2.2)
      attribute_struct
      bogo (>= 0.1.4, < 1.0)
      multi_json
      multi_xml
    bogo-ui (0.1.20)
      bogo
      command_line_reporter
      paint
    colored (1.2)
    command_line_reporter (3.3.6)
      colored (>= 1.2)
    domain_name (0.5.20161129)
      unf (>= 0.0.5, < 1.0.0)
    graph (2.8.2)
    hashdiff (0.2.3)
    hashie (3.4.6)
    http (1.0.4)
      addressable (~> 2.3)
      http-cookie (~> 1.0)
      http-form_data (~> 1.0.1)
      http_parser.rb (~> 0.6.0)
    http-cookie (1.0.3)
      domain_name (~> 0.5)
    http-form_data (1.0.1)
    http_parser.rb (0.6.0)
    jmespath (1.3.1)
    miasma (0.3.2)
      bogo (>= 0.2.2, < 1.0)
      http (>= 0.8.12, < 1.1)
      multi_json
      multi_xml
      xml-simple
    miasma-aws (0.3.6)
      miasma (>= 0.3.1, < 0.5)
    miasma-azure (0.1.4)
    miasma-google (0.1.0)
      miasma (>= 0.2.12)
      mime-types
    miasma-open-stack (0.1.4)
    miasma-rackspace (0.1.2)
      miasma-open-stack
    mime-types (3.1)
      mime-types-data (~> 3.2015)
    mime-types-data (3.2016.0521)
    multi_json (1.12.1)
    multi_xml (0.5.5)
    net-ssh (3.2.0)
    paint (1.0.1)
    public_suffix (2.0.4)
    sfn (3.0.20)
      bogo-cli (>= 0.2.5, < 0.4)
      bogo-ui (>= 0.1.20, < 0.4)
      graph (~> 2.8.1)
      hashdiff (~> 0.2.2)
      jmespath
      miasma (>= 0.3.0, < 0.4)
      miasma-aws (>= 0.3.6, < 0.4)
      miasma-azure (>= 0.1.0, < 0.3)
      miasma-google (>= 0.1.0, < 0.3)
      miasma-open-stack (>= 0.1.0, < 0.3)
      miasma-rackspace (>= 0.1.0, < 0.3)
      net-ssh
      sparkle_formation (>= 3.0.3, < 4)
    slop (3.6.0)
    sparkle-pack-aws-availability-zones (0.1.2)
      aws-sdk-core (~> 2.2)
    sparkle_formation (3.0.10)
      attribute_struct (>= 0.3.0, < 0.5)
      bogo
      multi_json
    unf (0.1.4)
      unf_ext
    unf_ext (0.0.7.2)
    xml-simple (1.1.5)

PLATFORMS
  ruby

DEPENDENCIES
  sfn
  sparkle-pack-aws-availability-zones
  sparkle-pack-aws-ebs-volumes!
  sparkle-pack-aws-instance-types!
  sparkle-pack-aws-my-s3-buckets!
  sparkle-pack-aws-my-security-groups!
  sparkle-pack-aws-my-sns-topics!
  sparkle-pack-aws-my-subnets!
  sparkle-pack-cfn-init-chef!

BUNDLED WITH
   1.12.5
